PATH
  remote: /home/masmat/Documents/jekyll-Turtle2BiB
  specs:
    jekyll-Turtle2BiB (0.1.0)

GEM
  remote: https://rubygems.org/
  specs:
    addressable (2.5.1)
      public_suffix (~> 2.0, >= 2.0.2)
    bcp47 (0.3.3)
      i18n
    builder (3.2.3)
    colorator (1.1.0)
    coveralls (0.8.21)
      json (>= 1.8, < 3)
      simplecov (~> 0.14.1)
      term-ansicolor (~> 1.3)
      thor (~> 0.19.4)
      tins (~> 1.6)
    docile (1.1.5)
    ebnf (1.0.0)
      rdf (~> 1.1)
      sxp (~> 0.1, >= 0.1.3)
    equivalent-xml (0.6.0)
      nokogiri (>= 1.4.3)
    ffi (1.9.18)
    forwardable-extended (2.6.0)
    haml (4.0.7)
      tilt
    htmlentities (4.3.4)
    i18n (0.8.6)
    jekyll (3.5.1)
      addressable (~> 2.4)
      colorator (~> 1.0)
      jekyll-sass-converter (~> 1.0)
      jekyll-watch (~> 1.1)
      kramdown (~> 1.3)
      liquid (~> 4.0)
      mercenary (~> 0.3.3)
      pathutil (~> 0.9)
      rouge (~> 1.7)
      safe_yaml (~> 1.0)
    jekyll-feed (0.9.2)
      jekyll (~> 3.3)
    jekyll-rdf (2.0.0)
      coveralls (~> 0.8)
      jekyll (~> 3.1)
      linkeddata (~> 1.99)
      rake (~> 10.4)
      shoulda-context (~> 1.1)
      sparql (~> 1.99)
      test-unit (~> 3.0)
    jekyll-sass-converter (1.5.0)
      sass (~> 3.4)
    jekyll-twitter-plugin (2.0.0)
    jekyll-watch (1.5.0)
      listen (~> 3.0, < 3.1)
    json (1.8.6)
    json-ld (1.99.2)
      multi_json (~> 1.11)
      rdf (~> 1.99)
    kramdown (1.14.0)
    link_header (0.0.8)
    linkeddata (1.99.0)
      equivalent-xml (~> 0.6)
      json-ld (~> 1.99)
      nokogiri (~> 1.6)
      rdf (~> 1.99)
      rdf-aggregate-repo (~> 1.99)
      rdf-isomorphic (~> 1.99)
      rdf-json (~> 1.1, >= 1.1.2)
      rdf-microdata (~> 2.0, >= 2.0.2)
      rdf-n3 (~> 1.99)
      rdf-rdfa (~> 1.99)
      rdf-rdfxml (~> 1.1, >= 1.1.5)
      rdf-reasoner (~> 0.3)
      rdf-tabular (~> 0.3)
      rdf-trig (~> 1.99, >= 1.99.0.1)
      rdf-trix (~> 1.99)
      rdf-turtle (~> 1.99)
      rdf-vocab (~> 0.8, >= 0.8.6)
      rdf-xsd (~> 1.1, >= 1.1.5)
      sparql (~> 1.99)
      sparql-client (~> 1.99)
    liquid (4.0.0)
    listen (3.0.8)
      rb-fsevent (~> 0.9, >= 0.9.4)
      rb-inotify (~> 0.9, >= 0.9.7)
    mercenary (0.3.6)
    mini_portile2 (2.2.0)
    minima (2.1.1)
      jekyll (~> 3.3)
    multi_json (1.12.1)
    net-http-persistent (2.9.4)
    nokogiri (1.8.0)
      mini_portile2 (~> 2.2.0)
    pathutil (0.14.0)
      forwardable-extended (~> 2.6)
    power_assert (1.0.2)
    public_suffix (2.0.5)
    rake (10.5.0)
    rb-fsevent (0.10.2)
    rb-inotify (0.9.10)
      ffi (>= 0.5.0, < 2)
    rdf (1.99.1)
      link_header (~> 0.0, >= 0.0.8)
    rdf-aggregate-repo (1.99.0)
      rdf (~> 1.99)
    rdf-isomorphic (1.99.0)
      rdf (~> 1.99)
    rdf-json (1.99.0)
      rdf (~> 1.99)
    rdf-microdata (2.0.2)
      htmlentities (~> 4.3)
      nokogiri (~> 1.6)
      rdf (~> 1.1)
      rdf-xsd (~> 1.1)
    rdf-n3 (1.99.0)
      rdf (~> 1.99)
    rdf-rdfa (1.99.1)
      haml (~> 4.0)
      htmlentities (~> 4.3)
      rdf (~> 1.99)
      rdf-aggregate-repo (~> 1.1)
      rdf-xsd (~> 1.1)
    rdf-rdfxml (1.99.0)
      htmlentities (~> 4.3)
      rdf (~> 1.99)
      rdf-rdfa (~> 1.99)
      rdf-xsd (~> 1.99)
    rdf-reasoner (0.3.0)
      rdf (~> 1.1, >= 1.1.4.2)
      rdf-turtle (~> 1.1)
      rdf-vocab (~> 0.8)
      rdf-xsd (~> 1.1)
    rdf-tabular (0.3.0)
      addressable (~> 2.3)
      bcp47 (~> 0.3, >= 0.3.3)
      json-ld (~> 1.1)
      rdf (~> 1.1, >= 1.1.7)
      rdf-vocab (~> 0.8)
      rdf-xsd (~> 1.1)
    rdf-trig (1.99.0.1)
      ebnf (~> 1.0)
      rdf (~> 1.99)
      rdf-turtle (~> 1.99)
    rdf-trix (1.99.0)
      rdf (~> 1.1)
    rdf-turtle (1.99.0)
      ebnf (~> 1.0)
      rdf (~> 1.99)
    rdf-vocab (0.8.8)
      rdf (~> 1.1, >= 1.1.10)
    rdf-xsd (1.99.0)
      rdf (~> 1.99)
    rouge (1.11.1)
    safe_yaml (1.0.4)
    sass (3.5.1)
      sass-listen (~> 4.0.0)
    sass-listen (4.0.0)
      rb-fsevent (~> 0.9, >= 0.9.4)
      rb-inotify (~> 0.9, >= 0.9.7)
    shoulda-context (1.2.2)
    simplecov (0.14.1)
      docile (~> 1.1.0)
      json (>= 1.8, < 3)
      simplecov-html (~> 0.10.0)
    simplecov-html (0.10.1)
    sparql (1.99.1)
      builder (~> 3.2)
      ebnf (~> 1.0)
      rdf (~> 1.99)
      rdf-aggregate-repo (~> 1.99)
      rdf-xsd (~> 1.1)
      sparql-client (~> 1.1)
      sxp (~> 0.1)
    sparql-client (1.99.1)
      json (~> 1.8)
      net-http-persistent (~> 2.9)
      rdf (>= 1.99, < 3)
      tins (= 1.6.0)
    sxp (0.1.5)
    term-ansicolor (1.6.0)
      tins (~> 1.0)
    test-unit (3.2.5)
      power_assert
    thor (0.19.4)
    tilt (2.0.7)
    tins (1.6.0)

PLATFORMS
  ruby

DEPENDENCIES
  jekyll (= 3.5.1)
  jekyll-Turtle2BiB (= 0.1.0)!
  jekyll-feed (~> 0.6)
  jekyll-rdf
  jekyll-twitter-plugin
  minima (~> 2.0)
  tzinfo-data

BUNDLED WITH
   1.16.0.pre.3
